GEM
  remote: http://rubygems.org/
  specs:
    POpen4 (0.1.4)
      Platform (>= 0.4.0)
      open4
    Platform (0.4.0)
    aws-sdk (1.8.1.1)
      json (~> 1.4)
      nokogiri (>= 1.4.4)
      uuidtools (~> 2.1)
    classifier (1.3.3)
      fast-stemmer (>= 1.0.0)
    colored (1.2)
    commonjs (0.2.6)
    configure-s3-website (1.1.1)
    directory_watcher (1.4.1)
    erubis (2.7.0)
    fast-stemmer (1.0.1)
    filey-diff (1.0.2)
    jekyll (0.12.0)
      classifier (~> 1.3)
      directory_watcher (~> 1.1)
      kramdown (~> 0.13.4)
      liquid (~> 2.3)
      maruku (~> 0.5)
      pygments.rb (~> 0.3.2)
    jekyll-asset-pipeline (0.1.6)
      jekyll (~> 0.12)
      liquid (~> 2.4)
    jekyll-pagination (0.0.4)
    jekyll-s3 (2.3.0)
      aws-sdk (~> 1.8.0)
      configure-s3-website (~> 1.1)
      erubis (~> 2.7.0)
      filey-diff (~> 1.0)
      mime-types (= 1.19)
      simple-cloudfront-invalidator (~> 1.0)
    json (1.7.6)
    kramdown (0.13.8)
    less (2.2.2)
      commonjs (~> 0.2.6)
    libv8 (3.11.8.13)
    liquid (2.4.1)
    maruku (0.6.1)
      syntax (>= 1.0.0)
    mime-types (1.19)
    nokogiri (1.5.6)
    open4 (1.3.0)
    posix-spawn (0.3.6)
    pygments.rb (0.3.7)
      posix-spawn (~> 0.3.6)
      yajl-ruby (~> 1.1.0)
    rdiscount (1.6.8)
    ref (1.0.2)
    simple-cloudfront-invalidator (1.0.0)
      colored (= 1.2)
    syntax (1.0.0)
    therubyracer (0.11.3)
      libv8 (~> 3.11.8.12)
      ref
    uuidtools (2.1.3)
    yajl-ruby (1.1.0)
    yui-compressor (0.9.6)
      POpen4 (>= 0.1.4)

PLATFORMS
  ruby

DEPENDENCIES
  jekyll
  jekyll-asset-pipeline
  jekyll-pagination
  jekyll-s3
  less
  rdiscount
  therubyracer
  yui-compressor
